GEM
  remote: https://rubygems.org/
  specs:
    epoll (0.3.0)
    rmagick (4.2.2)
    rpi_gpio (0.5.0)
      epoll (~> 0.3)
    spi (0.1.1)

PLATFORMS
  ruby

DEPENDENCIES
  rmagick
  rpi_gpio
  spi

BUNDLED WITH
   1.17.2
